GEM
  remote: http://rubygems.org/
  specs:
    foreman (0.78.0)
      thor (~> 0.19.1)
    haml (4.0.5)
      tilt
    mini_portile (0.6.2)
    minitest (5.6.1)
    nokogiri (1.6.6.2)
      mini_portile (~> 0.6.0)
    open_uri_redirections (0.2.1)
    passenger (5.1.2)
      rack
      rake (>= 0.8.1)
    puma (2.11.2)
      rack (>= 1.1, < 2.0)
    rack (1.6.0)
    rack-protection (1.5.3)
      rack
    rake (10.4.2)
    sinatra (1.4.6)
      rack (~> 1.4)
      rack-protection (~> 1.4)
      tilt (>= 1.3, < 3)
    thor (0.19.1)
    tilt (2.0.1)

PLATFORMS
  ruby

DEPENDENCIES
  foreman
  haml
  minitest
  nokogiri
  open_uri_redirections
  passenger
  puma
  sinatra

BUNDLED WITH
   1.14.6
